GEM
  remote: https://rubygems.org/
  specs:
    rack (2.0.1)
    webrick (1.8.1)

PLATFORMS
  ruby

DEPENDENCIES
  rack
  webrick (~> 1.8)

BUNDLED WITH
   1.16.3
